GEM
  remote: https://www.rubygems.org/
  specs:
    addressable (2.3.6)
    coderay (1.1.0)
    diff-lcs (1.2.5)
    ffi (1.9.6-java)
    hashie (2.0.5)
    loofah (1.2.1)
      nokogiri (>= 1.4.4)
    metainspector (1.15.4)
      addressable (~> 2.3.4)
      nokogiri (~> 1.5)
      open_uri_redirections (~> 0.1.0)
      rash (~> 0.4.0)
    method_source (0.8.2)
    mini_portile (0.6.1)
    nokogiri (1.6.4.1)
      mini_portile (~> 0.6.0)
    nokogiri (1.6.4.1-java)
    open_uri_redirections (0.1.4)
    pry (0.10.1)
      coderay (~> 1.1.0)
      method_source (~> 0.8.1)
      slop (~> 3.4)
    pry (0.10.1-java)
      coderay (~> 1.1.0)
      method_source (~> 0.8.1)
      slop (~> 3.4)
      spoon (~> 0.0)
    rash (0.4.0)
      hashie (~> 2.0.0)
    rspec (2.99.0)
      rspec-core (~> 2.99.0)
      rspec-expectations (~> 2.99.0)
      rspec-mocks (~> 2.99.0)
    rspec-core (2.99.2)
    rspec-expectations (2.99.2)
      diff-lcs (>= 1.1.3, < 2.0)
    rspec-mocks (2.99.2)
    slop (3.6.0)
    spoon (0.0.4)
      ffi

PLATFORMS
  java
  ruby

DEPENDENCIES
  loofah (~> 1.2.1)
  metainspector (~> 1.15.0)
  pry (~> 0.9)
  rspec (~> 2.0)
